GIT
  remote: git://github.com/Leonas/json_spec.git
  revision: df324d67966dc0c8faa4c87b8498481ce3b29978
  specs:
    json_spec (1.1.1)
      hashdiff (~> 0.1.1)
      multi_json (~> 1.0)
      rspec (~> 2.0)

GIT
  remote: git://github.com/rails-api/active_model_serializers.git
  revision: 9436d73b9220b64a5940cfdaa176cab861b22441
  ref: 9436d73b9220b64a5940cfdaa176cab861b22441
  specs:
    active_model_serializers (0.9.0.alpha1)
      activemodel (>= 3.2)

GIT
  remote: git://github.com/rails-api/rails-api.git
  revision: 6c7f1d11fb86e38d6e5534278aa527098d9e4258
  ref: 6c7f1d11fb86e38d6e5534278aa527098d9e4258
  specs:
    rails-api (0.1.0)
      actionpack (>= 3.2.11)
      railties (>= 3.2.11)

GIT
  remote: git://github.com/stympy/faker.git
  revision: e259c9c5f7b861a6a2529a97d545d8b158d8c566
  ref: e259c9c5f7b861a6a2529a97d545d8b158d8c566
  specs:
    faker (1.2.0)
      i18n (~> 0.5)

GIT
  remote: https://b1749bc913b7134b5d54b7e833cad2cd91ceb6ad:x-oauth-basic@github.com/Leonas/rspec_to_iodocs.git
  revision: b0e85aa30a87e4943cf9b019ccb6a9c19b09a3cb
  specs:
    rspec_to_iodocs (1.0.0)
      activesupport (>= 3.0.0)
      i18n (>= 0.1.0)
      json (>= 1.4.6)
      mustache (>= 0.99.4)
      rspec (>= 2.14.0)
      webmock (>= 1.7.0)

GEM
  remote: https://rubygems.org/
  specs:
    actionmailer (3.2.16)
      actionpack (= 3.2.16)
      mail (~> 2.5.4)
    actionpack (3.2.16)
      activemodel (= 3.2.16)
      activesupport (= 3.2.16)
      builder (~> 3.0.0)
      erubis (~> 2.7.0)
      journey (~> 1.0.4)
      rack (~> 1.4.5)
      rack-cache (~> 1.2)
      rack-test (~> 0.6.1)
      sprockets (~> 2.2.1)
    activemodel (3.2.16)
      activesupport (= 3.2.16)
      builder (~> 3.0.0)
    activerecord (3.2.16)
      activemodel (= 3.2.16)
      activesupport (= 3.2.16)
      arel (~> 3.0.2)
      tzinfo (~> 0.3.29)
    activeresource (3.2.16)
      activemodel (= 3.2.16)
      activesupport (= 3.2.16)
    activesupport (3.2.16)
      i18n (~> 0.6, >= 0.6.4)
      multi_json (~> 1.0)
    acts-as-taggable-on (3.0.1)
      rails (>= 3, < 5)
    acts_as_votable (0.8.0)
    addressable (2.3.5)
    arel (3.0.3)
    awesome_print (1.2.0)
    bcrypt-ruby (3.0.1)
    brakeman (2.3.1)
      erubis (~> 2.6)
      fastercsv (~> 1.5)
      haml (>= 3.0, < 5.0)
      highline (~> 1.6.20)
      multi_json (~> 1.2)
      ruby2ruby (~> 2.0.5)
      ruby_parser (~> 3.2.2)
      sass (~> 3.0)
      slim (>= 1.3.6, < 3.0)
      terminal-table (~> 1.4)
    builder (3.0.4)
    celluloid (0.15.2)
      timers (~> 1.1.0)
    childprocess (0.3.9)
      ffi (~> 1.0, >= 1.0.11)
    coderay (1.1.0)
    crack (0.4.1)
      safe_yaml (~> 0.9.0)
    database_cleaner (1.2.0)
    diff-lcs (1.2.5)
    erubis (2.7.0)
    factory_girl (4.3.0)
      activesupport (>= 3.0.0)
    factory_girl_rails (4.3.0)
      factory_girl (~> 4.3.0)
      railties (>= 3.0.0)
    fastercsv (1.5.5)
    ffi (1.9.3)
    formatador (0.2.4)
    growl (1.0.3)
    guard (2.2.5)
      formatador (>= 0.2.4)
      listen (~> 2.1)
      lumberjack (~> 1.0)
      pry (>= 0.9.12)
      thor (>= 0.18.1)
    guard-brakeman (0.8.1)
      brakeman (>= 2.1.1)
      guard (>= 1.1.0)
    guard-process (1.0.6)
      guard (>= 0.4.2)
      spoon (~> 0.0.1)
    guard-rake (0.0.9)
      guard
      rake
    guard-rspec (4.2.4)
      guard (~> 2.1)
      rspec (>= 2.14, < 4.0)
    guard-spork (1.5.1)
      childprocess (>= 0.2.3)
      guard (>= 1.1)
      spork (>= 0.8.4)
    haml (4.0.5)
      tilt
    hashdiff (0.1.1)
    highline (1.6.20)
    hike (1.2.3)
    httmultiparty (0.3.10)
      httparty (>= 0.7.3)
      multipart-post
    httparty (0.12.0)
      json (~> 1.8)
      multi_xml (>= 0.5.2)
    i18n (0.6.9)
    journey (1.0.4)
    json (1.8.1)
    kaminari (0.15.0)
      actionpack (>= 3.0.0)
      activesupport (>= 3.0.0)
    kgio (2.8.1)
    listen (2.4.0)
      celluloid (>= 0.15.2)
      rb-fsevent (>= 0.9.3)
      rb-inotify (>= 0.9)
    lumberjack (1.0.4)
    mail (2.5.4)
      mime-types (~> 1.16)
      treetop (~> 1.4.8)
    method_source (0.8.2)
    mime-types (1.25.1)
    multi_json (1.8.4)
    multi_xml (0.5.5)
    multipart-post (2.0.0)
    mustache (0.99.5)
    newrelic_rpm (3.7.1.182)
    paper_trail (3.0.0)
      activerecord (>= 3.0, < 5.0)
      activesupport (>= 3.0, < 5.0)
    pg (0.17.0)
    polyglot (0.3.3)
    pry (0.9.12.4)
      coderay (~> 1.0)
      method_source (~> 0.8)
      slop (~> 3.4)
    rack (1.4.5)
    rack-cache (1.2)
      rack (>= 0.4)
    rack-ssl (1.3.3)
      rack
    rack-test (0.6.2)
      rack (>= 1.0)
    rails (3.2.16)
      actionmailer (= 3.2.16)
      actionpack (= 3.2.16)
      activerecord (= 3.2.16)
      activeresource (= 3.2.16)
      activesupport (= 3.2.16)
      bundler (~> 1.0)
      railties (= 3.2.16)
    railties (3.2.16)
      actionpack (= 3.2.16)
      activesupport (= 3.2.16)
      rack-ssl (~> 1.3.2)
      rake (>= 0.8.7)
      rdoc (~> 3.4)
      thor (>= 0.14.6, < 2.0)
    raindrops (0.12.0)
    rake (10.1.1)
    rb-fsevent (0.9.4)
    rb-inotify (0.9.3)
      ffi (>= 0.5.0)
    rdoc (3.12.2)
      json (~> 1.4)
    rspec (2.14.1)
      rspec-core (~> 2.14.0)
      rspec-expectations (~> 2.14.0)
      rspec-mocks (~> 2.14.0)
    rspec-core (2.14.7)
    rspec-expectations (2.14.4)
      diff-lcs (>= 1.1.3, < 2.0)
    rspec-mocks (2.14.4)
    rspec-rails (2.14.1)
      actionpack (>= 3.0)
      activemodel (>= 3.0)
      activesupport (>= 3.0)
      railties (>= 3.0)
      rspec-core (~> 2.14.0)
      rspec-expectations (~> 2.14.0)
      rspec-mocks (~> 2.14.0)
    ruby2ruby (2.0.7)
      ruby_parser (~> 3.1)
      sexp_processor (~> 4.0)
    ruby_parser (3.2.2)
      sexp_processor (~> 4.1)
    safe_yaml (0.9.7)
    sass (3.2.13)
    sexp_processor (4.4.1)
    shoulda-matchers (2.5.0)
      activesupport (>= 3.0.0)
    simplecov (0.6.4)
      multi_json (~> 1.0)
      simplecov-html (~> 0.5.3)
    simplecov-html (0.5.3)
    slim (2.0.2)
      temple (~> 0.6.6)
      tilt (>= 1.3.3, < 2.1)
    slop (3.4.7)
    spoon (0.0.4)
      ffi
    spork (1.0.0rc4)
    spork-rails (4.0.0)
      rails (>= 3.0.0, < 5)
      spork (>= 1.0rc0)
    sprockets (2.2.1)
      hike (~> 1.2)
      multi_json (~> 1.0)
      rack (~> 1.0)
      tilt (~> 1.1, != 1.3.0)
    strong_parameters (0.2.2)
      actionpack (~> 3.0)
      activemodel (~> 3.0)
      railties (~> 3.0)
    temple (0.6.7)
    terminal-table (1.4.5)
    thor (0.18.1)
    tilt (1.4.1)
    timecop (0.7.1)
    timers (1.1.0)
    treetop (1.4.15)
      polyglot
      polyglot (>= 0.3.1)
    tzinfo (0.3.38)
    unicorn (4.8.0)
      kgio (~> 2.6)
      rack
      raindrops (~> 0.7)
    webmock (1.16.1)
      addressable (>= 2.2.7)
      crack (>= 0.3.2)
    yajl-ruby (1.2.0)

PLATFORMS
  ruby

DEPENDENCIES
  active_model_serializers!
  acts-as-taggable-on (~> 3.0.1)
  acts_as_votable (~> 0.8.0)
  awesome_print (~> 1.2.0)
  bcrypt-ruby (~> 3.0.0)
  brakeman
  database_cleaner (~> 1.2.0)
  factory_girl_rails (~> 4.3.0)
  faker!
  growl (~> 1.0.3)
  guard (~> 2.2.5)
  guard-brakeman (~> 0.8.1)
  guard-process (~> 1.0.6)
  guard-rake (~> 0.0.9)
  guard-rspec (~> 4.2.4)
  guard-spork (~> 1.5.1)
  httmultiparty (~> 0.3.10)
  json_spec!
  kaminari (~> 0.15.0)
  newrelic_rpm
  paper_trail (~> 3.0.0)
  pg (= 0.17.0)
  rails (~> 3.2.16)
  rails-api!
  rb-fsevent (~> 0.9.4)
  rb-inotify (~> 0.9.3)
  rspec-rails (~> 2.14.1)
  rspec_to_iodocs!
  shoulda-matchers (~> 2.5.0)
  simplecov (~> 0.6.4)
  spork-rails (~> 4.0.0)
  strong_parameters (~> 0.2.2)
  timecop (~> 0.7.1)
  unicorn
  yajl-ruby (~> 1.2.0)
